GEM
  remote: https://rubygems.org/
  specs:
    chronic (0.10.2)
    ethon (0.9.0)
      ffi (>= 1.3.0)
    ffi (1.9.10)
    json (1.8.3)
    mini_portile2 (2.1.0)
    nokogiri (1.6.8)
      mini_portile2 (~> 2.1.0)
      pkg-config (~> 1.1.7)
    oj (2.15.1)
    pkg-config (1.1.7)
    typhoeus (1.0.2)
      ethon (>= 0.9.0)

PLATFORMS
  ruby

DEPENDENCIES
  chronic
  json
  nokogiri
  oj
  typhoeus

BUNDLED WITH
   1.11.2
